GIT
  remote: https://github.com/rspec/rspec-core.git
  revision: 4a29a4b13d66fa96fbdff439a5c21ca9816eb1a3
  branch: master
  specs:
    rspec-core (3.9.0.pre)
      rspec-support (= 3.9.0.pre)

GIT
  remote: https://github.com/rspec/rspec-expectations.git
  revision: 8d630d1e7ea7f8da0040cd22740d3763480402b8
  branch: master
  specs:
    rspec-expectations (3.9.0.pre)
      diff-lcs (>= 1.2.0, < 2.0)
      rspec-support (= 3.9.0.pre)

GIT
  remote: https://github.com/rspec/rspec-mocks.git
  revision: f1b69945b0b9cfb33b3959985ce0b9ddd3b1844c
  branch: master
  specs:
    rspec-mocks (3.9.0.pre)
      diff-lcs (>= 1.2.0, < 2.0)
      rspec-support (= 3.9.0.pre)

GIT
  remote: https://github.com/rspec/rspec-support.git
  revision: b23895e34f8cc1914d311ec3302f9092afbd2f93
  branch: master
  specs:
    rspec-support (3.9.0.pre)

GIT
  remote: https://github.com/rspec/rspec.git
  revision: afd67e30946543fb71889cf60d332c28291878b8
  branch: master
  specs:
    rspec (3.9.0.pre)
      rspec-core (= 3.9.0.pre)
      rspec-expectations (= 3.9.0.pre)
      rspec-mocks (= 3.9.0.pre)

GEM
  remote: https://rubygems.org/
  specs:
    diff-lcs (1.3)

PLATFORMS
  ruby

DEPENDENCIES
  rspec!
  rspec-core!
  rspec-expectations!
  rspec-mocks!
  rspec-support!

BUNDLED WITH
   2.0.1
